GEM
  remote: https://rubygems.org/
  specs:
    byebug (9.0.5)
    foreman (0.82.0)
      thor (~> 0.19.1)
    pg (0.18.4)
    rack (1.6.4)
    rack-protection (1.5.3)
      rack
    redis (3.3.0)
    sinatra (1.4.7)
      rack (~> 1.5)
      rack-protection (~> 1.4)
      tilt (>= 1.3, < 3)
    thor (0.19.1)
    tilt (2.0.5)

PLATFORMS
  ruby

DEPENDENCIES
  byebug
  foreman
  pg
  redis
  sinatra

RUBY VERSION
   ruby 2.3.1p112

BUNDLED WITH
   1.12.5
